GEM
  remote: https://rubygems.org/
  specs:
    chunky_png (1.2.8)
    coderay (1.0.9)
    coffee-script (2.2.0)
      coffee-script-source
      execjs
    coffee-script-source (1.6.3)
    compass (0.12.2)
      chunky_png (~> 1.2)
      fssm (>= 0.2.7)
      sass (~> 3.1)
    execjs (1.4.0)
      multi_json (~> 1.0)
    ffi (1.9.0)
    formatador (0.2.4)
    fssm (0.2.10)
    guard (1.7.0)
      formatador (>= 0.2.4)
      listen (>= 0.6.0)
      lumberjack (>= 1.0.2)
      pry (>= 0.9.10)
      thor (>= 0.14.6)
    guard-coffeescript (1.3.2)
      coffee-script (>= 2.2.0)
      guard (>= 1.1.0)
    guard-copy (0.0.8)
      guard (~> 1.1)
    guard-helpers (0.0.3)
    guard-jade (0.1.2)
      guard (~> 1.7.0)
      guard-helpers (~> 0.0.3)
    guard-sass (1.3.2)
      guard (>= 1.1.0)
      sass (>= 3.1)
    libnotify (0.8.1)
      ffi (>= 1.0.11)
    listen (0.7.3)
    lumberjack (1.0.4)
    method_source (0.8.1)
    multi_json (1.7.7)
    pry (0.9.12.2)
      coderay (~> 1.0.5)
      method_source (~> 0.8)
      slop (~> 3.4)
    rb-fchange (0.0.6)
      ffi
    rb-fsevent (0.9.3)
    rb-inotify (0.8.8)
      ffi (>= 0.5.0)
    sass (3.2.10)
    slop (3.4.6)
    terminal-notifier-guard (1.5.3)
    thor (0.18.1)

PLATFORMS
  ruby

DEPENDENCIES
  coffee-script
  compass
  guard (~> 1.7.0)
  guard-coffeescript
  guard-copy
  guard-helpers
  guard-jade
  guard-sass
  libnotify
  rb-fchange
  rb-fsevent
  rb-inotify (~> 0.8.8)
  sass
  terminal-notifier-guard
